PATH
  remote: .
  specs:
    asdblock (0.0.2)
      netaddr (~> 2.0, >= 2.0.4)

GEM
  remote: https://rubygems.org/
  specs:
    netaddr (2.0.4)

PLATFORMS
  ruby

DEPENDENCIES
  asdblock!

BUNDLED WITH
   1.17.3
